NUGET
  remote: https://www.nuget.org/api/v2
    FSharp.Core (4.1.17)
